PATH
  remote: .
  specs:
    Baidupush (0.0.7)

GEM
  remote: https://rubygems.org/
  specs:
    rake (10.4.2)

PLATFORMS
  ruby

DEPENDENCIES
  Baidupush!
  bundler (~> 1.3)
  rake
